GEM
  remote: https://rubygems.org/
  specs:
    actionmailer (4.0.13)
      actionpack (= 4.0.13)
      mail (~> 2.5, >= 2.5.4)
    actionpack (4.0.13)
      activesupport (= 4.0.13)
      builder (~> 3.1.0)
      erubis (~> 2.7.0)
      rack (~> 1.5.2)
      rack-test (~> 0.6.2)
    activemodel (4.0.13)
      activesupport (= 4.0.13)
      builder (~> 3.1.0)
    activerecord (4.0.13)
      activemodel (= 4.0.13)
      activerecord-deprecated_finders (~> 1.0.2)
      activesupport (= 4.0.13)
      arel (~> 4.0.0)
    activerecord-deprecated_finders (1.0.4)
    activesupport (4.0.13)
      i18n (~> 0.6, >= 0.6.9)
      minitest (~> 4.2)
      multi_json (~> 1.3)
      thread_safe (~> 0.1)
      tzinfo (~> 0.3.37)
    ansi (1.5.0)
    arel (4.0.2)
    ast (2.4.0)
    bootstrap-sass (2.3.2.2)
      sass (~> 3.2)
    builder (3.1.4)
    concurrent-ruby (1.1.4)
    dalli (1.1.5)
    diff-lcs (1.1.3)
    dotenv (2.6.0)
    dotenv-rails (2.6.0)
      dotenv (= 2.6.0)
      railties (>= 3.2, < 6.0)
    erubis (2.7.0)
    execjs (2.7.0)
    factory_bot (4.11.1)
      activesupport (>= 3.0.0)
    factory_bot_rails (4.11.1)
      factory_bot (~> 4.11.1)
      railties (>= 3.0.0)
    fakeweb (1.3.0)
    ffi (1.10.0)
    formtastic (2.3.1)
      actionpack (>= 3.0)
    formtastic-plus-bootstrap (1.1.7)
      bootstrap-sass (~> 2.3)
      formtastic (~> 2.2)
      railties (>= 3.1.0)
      sass-rails
    growl (1.0.3)
    httparty (0.11.0)
      multi_json (~> 1.0)
      multi_xml (>= 0.5.2)
    i18n (0.9.5)
      concurrent-ruby (~> 1.0)
    icalendar (2.5.2)
      ice_cube (~> 0.16)
    ice_cube (0.16.3)
    jaro_winkler (1.5.2)
    jquery-rails (3.1.5)
      railties (>= 3.0, < 5.0)
      thor (>= 0.14, < 2.0)
    kgio (2.11.2)
    log_buddy (0.6.0)
    mail (2.7.1)
      mini_mime (>= 0.1.1)
    mime-types (1.25.1)
    mini_mime (1.0.1)
    mini_portile2 (2.3.0)
    minitest (4.7.5)
    multi_json (1.13.1)
    multi_xml (0.6.0)
    nokogiri (1.8.5)
      mini_portile2 (~> 2.3.0)
    parallel (1.13.0)
    parser (2.6.0.0)
      ast (~> 2.4.0)
    pg (0.12.2)
    powder (0.1.8)
      thor (>= 0.11.5)
    power_assert (1.1.3)
    powerpack (0.1.2)
    rack (1.5.5)
    rack-test (0.6.3)
      rack (>= 1.0)
    rails (4.0.13)
      actionmailer (= 4.0.13)
      actionpack (= 4.0.13)
      activerecord (= 4.0.13)
      activesupport (= 4.0.13)
      bundler (>= 1.3.0, < 2.0)
      railties (= 4.0.13)
      sprockets-rails (~> 2.0)
    railties (4.0.13)
      actionpack (= 4.0.13)
      activesupport (= 4.0.13)
      rake (>= 0.8.7)
      thor (>= 0.18.1, < 2.0)
    rainbow (3.0.0)
    raindrops (0.19.0)
    rake (10.5.0)
    rb-fsevent (0.10.3)
    rb-inotify (0.10.0)
      ffi (~> 1.0)
    rest-client (1.6.9)
      mime-types (~> 1.16)
    rspec (2.12.0)
      rspec-core (~> 2.12.0)
      rspec-expectations (~> 2.12.0)
      rspec-mocks (~> 2.12.0)
    rspec-core (2.12.2)
    rspec-expectations (2.12.1)
      diff-lcs (~> 1.1.3)
    rspec-mocks (2.12.2)
    rspec-rails (2.12.2)
      actionpack (>= 3.0)
      activesupport (>= 3.0)
      railties (>= 3.0)
      rspec-core (~> 2.12.0)
      rspec-expectations (~> 2.12.0)
      rspec-mocks (~> 2.12.0)
    rspec_junit_formatter (0.4.1)
      rspec-core (>= 2, < 4, != 2.12.0)
    rubocop (0.63.1)
      jaro_winkler (~> 1.5.1)
      parallel (~> 1.10)
      parser (>= 2.5, != 2.5.1.1)
      powerpack (~> 0.1)
      rainbow (>= 2.2.2, < 4.0)
      ruby-progressbar (~> 1.7)
      unicode-display_width (~> 1.4.0)
    ruby-progressbar (1.10.0)
    sass (3.7.3)
      sass-listen (~> 4.0.0)
    sass-listen (4.0.0)
      rb-fsevent (~> 0.9, >= 0.9.4)
      rb-inotify (~> 0.9, >= 0.9.7)
    sass-rails (5.0.7)
      railties (>= 4.0.0, < 6)
      sass (~> 3.1)
      sprockets (>= 2.8, < 4.0)
      sprockets-rails (>= 2.0, < 4.0)
      tilt (>= 1.1, < 3)
    sequel (3.20.0)
    sinatra (1.0)
      rack (>= 1.0)
    spork (0.9.2)
    sprockets (3.7.2)
      concurrent-ruby (~> 1.0)
      rack (> 1, < 3)
    sprockets-rails (2.3.3)
      actionpack (>= 3.0)
      activesupport (>= 3.0)
      sprockets (>= 2.8, < 4.0)
    sqlite3 (1.3.13)
    taps (0.3.24)
      rack (>= 1.0.1)
      rest-client (>= 1.4.0, < 1.7.0)
      sequel (~> 3.20.0)
      sinatra (~> 1.0.0)
    test-unit (3.3.0)
      power_assert
    thor (0.20.3)
    thread_safe (0.3.6)
    tilt (2.0.9)
    timecop (0.3.5)
    turn (0.8.3)
      ansi
    tzinfo (0.3.55)
    uglifier (1.2.7)
      execjs (>= 0.3.0)
      multi_json (~> 1.3)
    unicode-display_width (1.4.1)
    unicorn (5.4.1)
      kgio (~> 2.6)
      raindrops (~> 0.7)
    vcr (2.4.0)

PLATFORMS
  ruby

DEPENDENCIES
  bootstrap-sass (~> 2.3)
  dalli (~> 1.1.4)
  dotenv-rails
  factory_bot_rails (~> 4.11.0)
  fakeweb (~> 1.3.0)
  formtastic-plus-bootstrap
  growl (~> 1.0.3)
  httparty (~> 0.11.0)
  icalendar
  jquery-rails
  log_buddy (~> 0.6.0)
  nokogiri (~> 1.8.0)
  pg (~> 0.12.2)
  powder (~> 0.1.7)
  rails (~> 4.0.0)
  rake (< 11.0)
  rspec (~> 2.12.0)
  rspec-rails (~> 2.12.0)
  rspec_junit_formatter
  rubocop
  spork (~> 0.9.0)
  sqlite3
  taps
  test-unit
  timecop (~> 0.3.5)
  turn (~> 0.8.3)
  uglifier (~> 1.2.2)
  unicorn
  vcr (~> 2.4.0)

RUBY VERSION
   ruby 2.2.10p489

BUNDLED WITH
   1.17.3
